GEM
  specs:
    daemons (1.1.9)
    eventmachine (1.0.3)
    json_pure (1.8.1)
    nats (0.5.0.beta.12)
      daemons (>= 1.1.9)
      eventmachine (>= 1.0.3)
      json_pure (>= 1.8.0)
      thin (>= 1.5.0)
    rack (1.5.2)
    thin (1.5.1)
      daemons (>= 1.0.9)
      eventmachine (>= 0.12.6)
      rack (>= 1.0.0)
    yajl-ruby (1.1.0)

PLATFORMS
  ruby

DEPENDENCIES
  daemons (= 1.1.9)
  eventmachine (= 1.0.3)
  nats (= 0.5.0.beta.12)
  yajl-ruby (= 1.1.0)
